PATH
  remote: .
  specs:
    kitchen-docker (3.0.0)
      test-kitchen (= 1.5.0)

GEM
  remote: https://rubygems.org/
  specs:
    builder (3.2.2)
    cane (2.6.1)
      parallel
    chef-config (12.6.0)
      mixlib-config (~> 2.0)
      mixlib-shellout (~> 2.0)
    countloc (0.4.0)
    cucumber (2.3.2)
      builder (>= 2.1.2)
      cucumber-core (~> 1.4.0)
      cucumber-wire (~> 0.0.1)
      diff-lcs (>= 1.1.3)
      gherkin (~> 3.2.0)
      multi_json (>= 1.7.5, < 2.0)
      multi_test (>= 0.1.2)
    cucumber-core (1.4.0)
      gherkin (~> 3.2.0)
    cucumber-wire (0.0.1)
    diff-lcs (1.2.5)
    gherkin (3.2.0)
    log_switch (0.3.0)
    mini_portile2 (2.0.0)
    mixlib-config (2.2.1)
    mixlib-install (0.7.1)
    mixlib-shellout (2.2.6)
    multi_json (1.11.2)
    multi_test (0.1.2)
    net-scp (1.2.1)
      net-ssh (>= 2.6.5)
    net-ssh (3.0.2)
    nokogiri (1.6.7.2)
      mini_portile2 (~> 2.0.0.rc2)
    parallel (1.6.1)
    rake (10.5.0)
    rspec-expectations (3.4.0)
      diff-lcs (>= 1.2.0, < 2.0)
      rspec-support (~> 3.4.0)
    rspec-support (3.4.1)
    safe_yaml (1.0.4)
    tailor (1.4.1)
      log_switch (~> 0.3.0)
      nokogiri (>= 1.6.0)
      term-ansicolor (>= 1.0.5)
      text-table (>= 1.2.2)
    term-ansicolor (1.3.2)
      tins (~> 1.0)
    test-kitchen (1.5.0)
      chef-config (>= 12.5.1)
      mixlib-install (~> 0.7)
      mixlib-shellout (>= 1.2, < 3.0)
      net-scp (~> 1.1)
      net-ssh (>= 2.9, < 4.0)
      safe_yaml (~> 1.0)
      thor (~> 0.18)
    text-table (1.2.4)
    thor (0.19.1)
    tins (1.8.2)

PLATFORMS
  ruby

DEPENDENCIES
  bundler (= 1.11.2)
  cane (= 2.6.1)
  countloc (= 0.4.0)
  cucumber (= 2.3.2)
  kitchen-docker!
  rake (= 10.5.0)
  rspec-expectations (= 3.4.0)
  tailor (= 1.4.1)

BUNDLED WITH
   1.11.2
